GEM
  remote: http://rubygems.org/
  specs:
    daemons (1.1.9)
    douban_api (0.1.2)
      faraday (>= 0.7, < 0.9)
      faraday_middleware (~> 0.8)
      hashie (>= 0.4.0)
      multi_json (~> 1.0, >= 1.0.3)
    eventmachine (1.0.0)
    faraday (0.8.4)
      multipart-post (~> 1.1)
    faraday_middleware (0.9.0)
      faraday (>= 0.7.4, < 0.9)
    haml (3.1.7)
    hashie (1.2.0)
    multi_json (1.4.0)
    multipart-post (1.1.5)
    rack (1.4.0)
    rack-protection (1.2.0)
      rack
    rake (0.9.2)
    sass (3.2.3)
    shotgun (0.9)
      rack (>= 1.0)
    sinatra (1.3.3)
      rack (~> 1.3, >= 1.3.6)
      rack-protection (~> 1.2)
      tilt (~> 1.3, >= 1.3.3)
    thin (1.5.0)
      daemons (>= 1.0.9)
      eventmachine (>= 0.12.6)
      rack (>= 1.0.0)
    tilt (1.3.3)

PLATFORMS
  ruby

DEPENDENCIES
  douban_api
  haml (~> 3.1.7)
  rake
  sass (~> 3.2.3)
  shotgun (~> 0.9)
  sinatra (~> 1.3.3)
  thin
